PATH
  remote: .
  specs:
    golden_kafka (1.0.0)
      activemodel
      delivery_boy

GEM
  remote: https://rubygems.org/
  specs:
    activemodel (7.1.5)
      activesupport (= 7.1.5)
    activesupport (7.1.5)
      base64
      benchmark (>= 0.3)
      bigdecimal
      concurrent-ruby (~> 1.0, >= 1.0.2)
      connection_pool (>= 2.2.5)
      drb
      i18n (>= 1.6, < 2)
      logger (>= 1.4.2)
      minitest (>= 5.1)
      mutex_m
      securerandom (>= 0.3)
      tzinfo (~> 2.0)
    base64 (0.2.0)
    benchmark (0.3.0)
    bigdecimal (3.1.8)
    concurrent-ruby (1.3.4)
    connection_pool (2.4.1)
    delivery_boy (1.2.0)
      king_konf (~> 1.0)
      ruby-kafka (~> 1.5)
    diff-lcs (1.5.1)
    digest-crc (0.6.5)
      rake (>= 12.0.0, < 14.0.0)
    drb (2.2.1)
    i18n (1.14.6)
      concurrent-ruby (~> 1.0)
    king_konf (1.0.1)
    logger (1.6.1)
    minitest (5.25.1)
    mutex_m (0.2.0)
    rake (13.2.1)
    rspec (3.13.0)
      rspec-core (~> 3.13.0)
      rspec-expectations (~> 3.13.0)
      rspec-mocks (~> 3.13.0)
    rspec-core (3.13.0)
      rspec-support (~> 3.13.0)
    rspec-expectations (3.13.0)
      diff-lcs (>= 1.2.0, < 2.0)
      rspec-support (~> 3.13.0)
    rspec-mocks (3.13.0)
      diff-lcs (>= 1.2.0, < 2.0)
      rspec-support (~> 3.13.0)
    rspec-support (3.13.0)
    rspec_junit_formatter (0.6.0)
      rspec-core (>= 2, < 4, != 2.12.0)
    ruby-kafka (1.5.0)
      digest-crc
    securerandom (0.3.1)
    tzinfo (2.0.6)
      concurrent-ruby (~> 1.0)

PLATFORMS
  arm64-darwin-21
  x86_64-darwin-19
  x86_64-linux

DEPENDENCIES
  bundler
  golden_kafka!
  rake
  rspec
  rspec_junit_formatter

BUNDLED WITH
   2.3.19
